GEM
  remote: http://rubygems.org/
  specs:
    addressable (2.8.1)
      public_suffix (>= 2.0.2, < 6.0)
    byebug (6.0.2)
    diff-lcs (1.2.5)
    dotenv (2.0.2)
    fakeweb (1.3.0)
    faraday (0.9.2)
      multipart-post (>= 1.2, < 3)
    koala (2.2.0)
      addressable
      faraday
      multi_json
    multi_json (1.11.2)
    multipart-post (2.0.0)
    public_suffix (5.0.1)
    rack (1.6.13)
    rack-protection (1.5.3)
      rack
    rack-test (0.6.3)
      rack (>= 1.0)
    rspec (3.3.0)
      rspec-core (~> 3.3.0)
      rspec-expectations (~> 3.3.0)
      rspec-mocks (~> 3.3.0)
    rspec-core (3.3.2)
      rspec-support (~> 3.3.0)
    rspec-expectations (3.3.1)
      diff-lcs (>= 1.2.0, < 2.0)
      rspec-support (~> 3.3.0)
    rspec-mocks (3.3.2)
      diff-lcs (>= 1.2.0, < 2.0)
      rspec-support (~> 3.3.0)
    rspec-support (3.3.0)
    sinatra (1.4.6)
      rack (~> 1.4)
      rack-protection (~> 1.4)
      tilt (>= 1.3, < 3)
    tilt (2.0.1)
    timecop (0.8.0)

PLATFORMS
  ruby

DEPENDENCIES
  byebug
  dotenv
  fakeweb (~> 1.3)
  koala
  rack-test
  rspec
  sinatra
  timecop

BUNDLED WITH
   1.12.5
